GEM
  remote: https://rubygems.org/
  specs:
    pg (1.5.0)

PLATFORMS
  x86_64-darwin-22

DEPENDENCIES
  pg (~> 1.5)

BUNDLED WITH
   2.4.11
